GEM
  remote: https://rubygems.org/
  specs:
    coderay (1.1.1)
    geocoder (1.6.1)
    json (2.1.0)
    method_source (0.8.2)
    mini_portile2 (2.2.0)
    multi_json (1.15.0)
    mustermann (3.0.0)
      ruby2_keywords (~> 0.0.1)
    nokogiri (1.8.0)
      mini_portile2 (~> 2.2.0)
    pry (0.10.4)
      coderay (~> 1.1.0)
      method_source (~> 0.8.1)
      slop (~> 3.4)
    rack (2.2.6.2)
    rack-protection (3.0.5)
      rack
    redcarpet (3.4.0)
    ruby2_keywords (0.0.5)
    sinatra (3.0.5)
      mustermann (~> 3.0)
      rack (~> 2.2, >= 2.2.4)
      rack-protection (= 3.0.5)
      tilt (~> 2.0)
    sinatra-contrib (3.0.5)
      multi_json
      mustermann (~> 3.0)
      rack-protection (= 3.0.5)
      sinatra (= 3.0.5)
      tilt (~> 2.0)
    sinatra-cross_origin (0.4.0)
    slop (3.6.0)
    tilt (2.0.11)

PLATFORMS
  ruby

DEPENDENCIES
  geocoder
  json
  nokogiri
  pry
  redcarpet
  sinatra
  sinatra-contrib
  sinatra-cross_origin

BUNDLED WITH
   1.15.3
